GEM
  remote: https://rubygems.org/
  specs:
    debase (0.2.4.1)
      debase-ruby_core_source (>= 0.10.2)
    debase-ruby_core_source (3.2.0)
    debug (1.8.0)
      irb (>= 1.5.0)
      reline (>= 0.3.1)
    io-console (0.6.0)
    irb (1.6.4)
      reline (>= 0.3.0)
    rake (13.0.6)
    reline (0.3.3)
      io-console (~> 0.5)
    ruby-debug-ide (0.7.3)
      rake (>= 0.8.1)

PLATFORMS
  x86_64-darwin-22

DEPENDENCIES
  debase
  debug
  ruby-debug-ide

BUNDLED WITH
   2.4.10
